GEM
  remote: https://rubygems.org/
  specs:
    sqlite3 (1.5.3-arm64-darwin)
    sqlite3 (1.5.3-x86_64-darwin)

PLATFORMS
  arm64-darwin-21
  x86_64-darwin-21

DEPENDENCIES
  sqlite3

BUNDLED WITH
   2.3.21
